PATH
  remote: .
  specs:
    market_hub (0.23.0)

GEM
  remote: https://rubygems.org/
  specs:
    minitest (5.20.0)
    rake (13.1.0)

PLATFORMS
  x86_64-linux

DEPENDENCIES
  market_hub!
  minitest (~> 5.0)
  rake (~> 13.0)

BUNDLED WITH
   2.4.22
